GEM
  remote: https://rubygems.org/
  specs:
    ddtrace (0.38.0)
      msgpack
    msgpack (1.3.3)
    mustermann (1.1.1)
      ruby2_keywords (~> 0.0.1)
    nio4r (2.5.2)
    opentracing (0.5.0)
    puma (4.3.5)
      nio4r (~> 2.0)
    rack (2.2.3)
    rack-protection (2.0.8.1)
      rack
    ruby2_keywords (0.0.2)
    sinatra (2.0.8.1)
      mustermann (~> 1.0)
      rack (~> 2.0)
      rack-protection (= 2.0.8.1)
      tilt (~> 2.0)
    tilt (2.0.10)

PLATFORMS
  ruby

DEPENDENCIES
  ddtrace (~> 0.38.0)
  opentracing (~> 0.5.0)
  puma (~> 4.3, >= 4.3.5)
  rack (~> 2.2, >= 2.2.3)
  sinatra (~> 2.0, >= 2.0.8.1)

BUNDLED WITH
   2.1.4
