GEM
  remote: https://rubygems.org/
  specs:
    mustermann (1.1.1)
      ruby2_keywords (~> 0.0.1)
    nio4r (2.5.2)
    opentelemetry-api (0.5.1)
    opentelemetry-exporters-jaeger (0.5.0)
      opentelemetry-api (~> 0.5.0)
      thrift
    opentelemetry-instrumentation-sinatra (0.5.0)
      opentelemetry-api (~> 0.5.0)
    opentelemetry-sdk (0.5.1)
      opentelemetry-api (~> 0.5.0)
    puma (4.3.5)
      nio4r (~> 2.0)
    rack (2.2.3)
    rack-protection (2.0.8.1)
      rack
    ruby2_keywords (0.0.2)
    sinatra (2.0.8.1)
      mustermann (~> 1.0)
      rack (~> 2.0)
      rack-protection (= 2.0.8.1)
      tilt (~> 2.0)
    thrift (0.11.0.0)
    tilt (2.0.10)

PLATFORMS
  ruby

DEPENDENCIES
  opentelemetry-api (~> 0.5.1)
  opentelemetry-exporters-jaeger (~> 0.5.0)
  opentelemetry-instrumentation-sinatra (~> 0.5.0)
  opentelemetry-sdk (~> 0.5.1)
  puma (~> 4.3, >= 4.3.5)
  rack (~> 2.2, >= 2.2.3)
  sinatra (~> 2.0, >= 2.0.8.1)

BUNDLED WITH
   2.1.4
