GEM
  remote: https://rubygems.org/
  specs:
    faraday (1.4.2)
      faraday-em_http (~> 1.0)
      faraday-em_synchrony (~> 1.0)
      faraday-excon (~> 1.1)
      faraday-net_http (~> 1.0)
      faraday-net_http_persistent (~> 1.1)
      multipart-post (>= 1.2, < 3)
      ruby2_keywords (>= 0.0.4)
    faraday-em_http (1.0.0)
    faraday-em_synchrony (1.0.0)
    faraday-excon (1.1.0)
    faraday-net_http (1.0.1)
    faraday-net_http_persistent (1.1.0)
    google-cloud-env (1.5.0)
      faraday (>= 0.17.3, < 2.0)
    multipart-post (2.1.1)
    mustermann (1.1.1)
      ruby2_keywords (~> 0.0.1)
    nio4r (2.5.7)
    opentelemetry-api (1.0.0.rc1)
    opentelemetry-common (0.18.0)
      opentelemetry-api (~> 1.0.0.rc1)
    opentelemetry-exporter-jaeger (0.18.0)
      opentelemetry-api (~> 1.0.0.rc1)
      opentelemetry-common (~> 0.18.0)
      opentelemetry-sdk (~> 1.0.0.rc1)
      thrift
    opentelemetry-instrumentation-base (0.18.0)
      opentelemetry-api (~> 1.0.0.rc1)
    opentelemetry-instrumentation-sinatra (0.18.0)
      opentelemetry-api (~> 1.0.0.rc1)
      opentelemetry-instrumentation-base (~> 0.18.0)
    opentelemetry-resource_detectors (0.18.0)
      google-cloud-env
      opentelemetry-sdk
    opentelemetry-sdk (1.0.0.rc1)
      opentelemetry-api (~> 1.0.0.rc1)
      opentelemetry-common (~> 0.18.0)
      opentelemetry-instrumentation-base (~> 0.18.0)
    puma (5.3.2)
      nio4r (~> 2.0)
    rack (2.2.3)
    rack-protection (2.1.0)
      rack
    ruby2_keywords (0.0.4)
    sinatra (2.1.0)
      mustermann (~> 1.0)
      rack (~> 2.2)
      rack-protection (= 2.1.0)
      tilt (~> 2.0)
    thrift (0.14.1)
    tilt (2.0.10)

PLATFORMS
  ruby

DEPENDENCIES
  opentelemetry-exporter-jaeger (= 0.18.0)
  opentelemetry-instrumentation-sinatra (= 0.18.0)
  opentelemetry-resource_detectors (= 0.18.0)
  opentelemetry-sdk (= 1.0.0.rc1)
  puma (~> 5.3, >= 5.3.2)
  rack (~> 2.2, >= 2.2.3)
  sinatra (~> 2.1)

BUNDLED WITH
   2.2.16
